GEM
  remote: https://rubygems.org/
  specs:
    barby (0.6.5)
    cairo (1.15.3)
      pkg-config (>= 1.1.5)
    glib2 (3.1.0)
      pkg-config
    pango (3.1.0)
      cairo (>= 1.14.0)
      glib2 (= 3.1.0)
    pkg-config (1.1.7)
    puma (3.6.2)
    rack (1.6.5)
    rack-protection (1.5.3)
      rack
    sinatra (1.4.7)
      rack (~> 1.5)
      rack-protection (~> 1.4)
      tilt (>= 1.3, < 3)
    tilt (2.0.5)

PLATFORMS
  ruby

DEPENDENCIES
  barby
  cairo
  pango
  puma
  sinatra

BUNDLED WITH
   1.13.6
